GEM
  remote: https://rubygems.org/
  specs:
    diff-lcs (1.5.0)
    minitest (5.15.0)
    nokogiri (1.13.3-x64-mingw-ucrt)
      racc (~> 1.4)
    racc (1.6.0)
    rack (2.2.3)
    rack-test (1.1.0)
      rack (>= 1.0, < 3)
    rspec (3.11.0)
      rspec-core (~> 3.11.0)
      rspec-expectations (~> 3.11.0)
      rspec-mocks (~> 3.11.0)
    rspec-core (3.11.0)
      rspec-support (~> 3.11.0)
    rspec-expectations (3.11.0)
      diff-lcs (>= 1.2.0, < 2.0)
      rspec-support (~> 3.11.0)
    rspec-mocks (3.11.1)
      diff-lcs (>= 1.2.0, < 2.0)
      rspec-support (~> 3.11.0)
    rspec-support (3.11.0)

PLATFORMS
  x64-mingw-ucrt

DEPENDENCIES
  minitest
  nokogiri
  rack
  rack-test
  rspec

RUBY VERSION
   ruby 3.1.1p18

BUNDLED WITH
   2.3.11
